GEM
  remote: https://rubygems.org/
  specs:
    activemodel (5.2.3)
      activesupport (= 5.2.3)
    activerecord (5.2.3)
      activemodel (= 5.2.3)
      activesupport (= 5.2.3)
      arel (>= 9.0)
    activesupport (5.2.3)
      concurrent-ruby (~> 1.0, >= 1.0.2)
      i18n (>= 0.7, < 2)
      minitest (~> 5.1)
      tzinfo (~> 1.1)
    addressable (2.6.0)
      public_suffix (>= 2.0.2, < 4.0)
    arel (9.0.0)
    colorator (1.1.0)
    concurrent-ruby (1.1.5)
    em-websocket (0.5.1)
      eventmachine (>= 0.12.9)
      http_parser.rb (~> 0.6.0)
    eventmachine (1.2.7)
    ffi (1.10.0)
    forwardable-extended (2.6.0)
    front_matter_parser (0.2.0)
    graphql (1.9.3)
    graphql-client (0.14.0)
      activesupport (>= 3.0, < 6.0)
      graphql (~> 1.6)
    http_parser.rb (0.6.0)
    i18n (0.9.5)
      concurrent-ruby (~> 1.0)
    jekyll (3.8.5)
      addressable (~> 2.4)
      colorator (~> 1.0)
      em-websocket (~> 0.5)
      i18n (~> 0.7)
      jekyll-sass-converter (~> 1.0)
      jekyll-watch (~> 2.0)
      kramdown (~> 1.14)
      liquid (~> 4.0)
      mercenary (~> 0.3.3)
      pathutil (~> 0.9)
      rouge (>= 1.7, < 4)
      safe_yaml (~> 1.0)
    jekyll-feed (0.12.1)
      jekyll (>= 3.7, < 5.0)
    jekyll-sass-converter (1.5.2)
      sass (~> 3.4)
    jekyll-seo-tag (2.6.0)
      jekyll (~> 3.3)
    jekyll-watch (2.2.1)
      listen (~> 3.0)
    kramdown (1.17.0)
    liquid (4.0.3)
    listen (3.1.5)
      rb-fsevent (~> 0.9, >= 0.9.4)
      rb-inotify (~> 0.9, >= 0.9.7)
      ruby_dep (~> 1.2)
    mercenary (0.3.6)
    minima (2.5.0)
      jekyll (~> 3.5)
      jekyll-feed (~> 0.9)
      jekyll-seo-tag (~> 2.1)
    minitest (5.11.3)
    pathutil (0.16.2)
      forwardable-extended (~> 2.6)
    pg (1.1.4)
    public_suffix (3.0.3)
    rb-fsevent (0.10.3)
    rb-inotify (0.10.0)
      ffi (~> 1.0)
    rouge (3.3.0)
    ruby_dep (1.5.0)
    safe_yaml (1.0.5)
    sass (3.7.3)
      sass-listen (~> 4.0.0)
    sass-listen (4.0.0)
      rb-fsevent (~> 0.9, >= 0.9.4)
      rb-inotify (~> 0.9, >= 0.9.7)
    thread_safe (0.3.6)
    tzinfo (1.2.5)
      thread_safe (~> 0.1)

PLATFORMS
  ruby

DEPENDENCIES
  activerecord
  front_matter_parser
  graphql-client
  jekyll
  minima (~> 2.0)
  pg

RUBY VERSION
   ruby 2.6.2p47

BUNDLED WITH
   1.17.2
