GEM
  remote: https://rubygems.org/
  specs:
    front_matter_parser (0.0.4)

PLATFORMS
  ruby

DEPENDENCIES
  front_matter_parser

RUBY VERSION
   ruby 2.4.0p0

BUNDLED WITH
   1.14.5
